GEM
  remote: http://rubygems.org/
  specs:
    crack (0.1.8)
    hashie (1.1.0)
    httparty (0.7.8)
      crack (= 0.1.8)
    oauth (0.4.5)

PLATFORMS
  ruby

DEPENDENCIES
  crack
  hashie
  httparty
  oauth
