GEM
  remote: http://rubygems.org/
  specs:
    aruba (0.4.6)
      bcat (>= 0.6.1)
      childprocess (>= 0.2.0)
      cucumber (>= 1.0.2)
      rdiscount (>= 1.6.8)
      rspec (>= 2.6.0)
    bcat (0.6.1)
      rack (~> 1.0)
    builder (3.0.0)
    childprocess (0.2.1)
      ffi (~> 1.0.6)
    crack (0.1.8)
    cucumber (1.0.2)
      builder (>= 2.1.2)
      diff-lcs (>= 1.1.2)
      gherkin (~> 2.4.5)
      json (>= 1.4.6)
      term-ansicolor (>= 1.0.5)
    diff-lcs (1.1.2)
    ffi (1.0.9)
    gherkin (2.4.6)
      json (>= 1.4.6)
    git (1.2.5)
    growl_notify (0.0.1)
      rb-appscript
    guard (0.6.0)
      thor (~> 0.14.6)
    guard-cucumber (0.6.0)
      cucumber (>= 0.10)
      guard (>= 0.4.0)
    guard-rspec (0.4.2)
      guard (>= 0.4.0)
    hashie (1.1.0)
    httparty (0.7.8)
      crack (= 0.1.8)
    jeweler (1.6.4)
      bundler (~> 1.0)
      git (>= 1.2.5)
      rake
    json (1.5.3)
    oauth (0.4.5)
    rack (1.2.3)
    rake (0.9.2)
    rb-appscript (0.6.1)
    rb-fsevent (0.4.3)
    rdiscount (1.6.8)
    rspec (2.6.0)
      rspec-core (~> 2.6.0)
      rspec-expectations (~> 2.6.0)
      rspec-mocks (~> 2.6.0)
    rspec-core (2.6.4)
    rspec-expectations (2.6.0)
      diff-lcs (~> 1.1.2)
    rspec-mocks (2.6.0)
    term-ansicolor (1.0.6)
    thor (0.14.6)

PLATFORMS
  ruby

DEPENDENCIES
  aruba
  builder (= 3.0.0)
  cucumber
  growl_notify
  guard-cucumber
  guard-rspec
  hashie
  httparty
  jeweler
  oauth
  rake
  rb-fsevent
  rspec (~> 2.0)
